GEM
  remote: https://rubygems.org/
  specs:
    webrick (1.6.1)
    xmlrpc (0.3.0)

PLATFORMS
  ruby

DEPENDENCIES
  webrick (~> 1.6)
  xmlrpc (~> 0.3.0)

BUNDLED WITH
   1.16.0
